PATH
  remote: .
  specs:
    analytics_service_theme_presenter_plugin (0.0.1)

GEM
  remote: https://rubygems.org/
  specs:
    rake (12.3.3)

PLATFORMS
  x86_64-darwin-19

DEPENDENCIES
  analytics_service_theme_presenter_plugin!
  bundler (~> 2.2)
  rake (~> 12.3)

BUNDLED WITH
   2.2.3
